GEM
  remote: https://rubygems.org/
  specs:
    faraday (0.9.0)
      multipart-post (>= 1.2, < 3)
    htmlentities (4.3.2)
    multi_json (1.10.1)
    multipart-post (2.0.0)
    redditkit (1.0.1)
      faraday (~> 0.8)
      htmlentities (~> 4.3)
      multi_json (~> 1.8)

PLATFORMS
  ruby

DEPENDENCIES
  redditkit (~> 1.0.1)
